GEM
  remote: https://rubygems.org/
  specs:
    byebug (11.0.1)
    mini_portile2 (2.4.0)
    nokogiri (1.10.7-x64-mingw32)
      mini_portile2 (~> 2.4.0)

PLATFORMS
  x64-mingw32

DEPENDENCIES
  byebug (~> 11.0)
  nokogiri (~> 1.10)

BUNDLED WITH
   1.16.1
