GEM
  remote: https://rubygems.org/
  specs:
    byebug (11.0.1)
    mini_portile2 (2.8.1)
    nokogiri (1.14.3)
      mini_portile2 (~> 2.8.0)
      racc (~> 1.4)
    nokogiri (1.14.3-x64-mingw32)
      racc (~> 1.4)
    racc (1.6.2)

PLATFORMS
  ruby
  x64-mingw32

DEPENDENCIES
  byebug (~> 11.0)
  nokogiri (~> 1.14)

BUNDLED WITH
   1.16.1
